GEM
  remote: http://rubygems.org/
  specs:
    activerecord (2.3.11)
      activesupport (= 2.3.11)
    activesupport (2.3.11)
    haml (3.0.25)
    kgio (2.3.2)
    mysql (2.8.1)
    rack (1.2.1)
    rack-mount (0.6.13)
      rack (>= 1.0.0)
    rack_fast_escape (2009.06.24)
      url_escape
    redis (2.1.1)
    rspec (1.3.1)
    sinatra (1.1.2)
      rack (~> 1.1)
      tilt (~> 1.2)
    text (0.2.0)
    tilt (1.2.2)
    unicorn (3.4.0)
      kgio (~> 2.2)
      rack
    url_escape (2009.06.24)
    yajl-ruby (0.7.9)

PLATFORMS
  ruby

DEPENDENCIES
  activerecord (~> 2.3.8)
  bundler (>= 0.9.26)
  haml
  mysql
  rack (~> 1.2.1)
  rack-mount (~> 0.6.9)
  rack_fast_escape (= 2009.06.24)
  redis
  rspec (~> 1.3.0)
  sinatra
  text (~> 0.2.0)
  unicorn
  yajl-ruby (~> 0.7.8)
